PATH
  remote: .
  specs:
    brain_ruby (0.1.0)
      httparty

GEM
  remote: https://rubygems.org/
  specs:
    httparty (0.14.0)
      multi_xml (>= 0.5.2)
    minitest (5.9.1)
    multi_xml (0.5.5)
    rake (10.5.0)

PLATFORMS
  ruby

DEPENDENCIES
  brain_ruby!
  bundler (~> 1.13)
  httparty
  minitest (~> 5.0)
  rake (~> 10.0)

BUNDLED WITH
   1.13.6
